GEM
  remote: https://rubygems.org/
  specs:
    csv (3.1.7)
    date (3.0.1)

PLATFORMS
  ruby

DEPENDENCIES
  csv
  date

BUNDLED WITH
   2.1.4
